GIT
  remote: git://github.com/thoughtbot/factory_girl.git
  revision: b6bd89760f259ee76f7f36e0387a8c56f7fe0468
  specs:
    factory_girl (2.0.0.rc4)

GIT
  remote: git://github.com/useruby/sinatra-reloader.git
  revision: fd6ec1f81e2747cde7f50bdd47d3fe061fcdc59a
  specs:
    sinatra-reloader (0.5.0)
      sinatra (~> 1.0)
      sinatra-advanced-routes (~> 0.5.0)

GEM
  remote: http://rubygems.org/
  specs:
    activemodel (3.0.9)
      activesupport (= 3.0.9)
      builder (~> 2.1.2)
      i18n (~> 0.5.0)
    activerecord (3.0.9)
      activemodel (= 3.0.9)
      activesupport (= 3.0.9)
      arel (~> 2.0.10)
      tzinfo (~> 0.3.23)
    activesupport (3.0.9)
    arel (2.0.10)
    backports (2.3.0)
    builder (2.1.2)
    columnize (0.3.4)
    diff-lcs (1.1.2)
    haml (3.1.2)
    hpricot (0.8.4)
    i18n (0.5.0)
    json (1.5.3)
    linecache (0.46)
      rbx-require-relative (> 0.0.4)
    monkey-lib (0.5.4)
      backports
    rack (1.3.1)
    rack-test (0.6.0)
      rack (>= 1.0)
    rake (0.9.2)
    rbx-require-relative (0.0.5)
    rspec (2.3.0)
      rspec-core (~> 2.3.0)
      rspec-expectations (~> 2.3.0)
      rspec-mocks (~> 2.3.0)
    rspec-core (2.3.1)
    rspec-expectations (2.3.0)
      diff-lcs (~> 1.1.2)
    rspec-mocks (2.3.0)
    ruby-debug (0.10.4)
      columnize (>= 0.1)
      ruby-debug-base (~> 0.10.4.0)
    ruby-debug-base (0.10.4)
      linecache (>= 0.3)
    sinatra (1.2.6)
      rack (~> 1.1)
      tilt (>= 1.2.2, < 2.0)
    sinatra-advanced-routes (0.5.1)
      monkey-lib (~> 0.5.0)
      sinatra (~> 1.0)
      sinatra-sugar (~> 0.5.0)
    sinatra-sugar (0.5.1)
      monkey-lib (~> 0.5.0)
      sinatra (~> 1.0)
    sqlite3 (1.3.3)
    tilt (1.3.2)
    tzinfo (0.3.29)

PLATFORMS
  ruby

DEPENDENCIES
  activerecord
  bundler (~> 1.0.0)
  factory_girl!
  haml
  hpricot
  json
  rack-test
  rake
  rspec (~> 2.3.0)
  ruby-debug
  sinatra
  sinatra-reloader!
  sqlite3
