GIT
  remote: git://github.com/useruby/sinatra-reloader.git
  revision: 6ec001a0053f7cfb0ed170b1fece16bf17e73d0b
  specs:
    sinatra-reloader (0.5.0)
      sinatra (~> 1.0)
      sinatra-advanced-routes (~> 0.5.0)

GEM
  remote: http://rubygems.org/
  specs:
    activemodel (3.0.9)
      activesupport (= 3.0.9)
      builder (~> 2.1.2)
      i18n (~> 0.5.0)
    activesupport (3.0.9)
    backports (2.3.0)
    bson (1.3.1)
    builder (2.1.2)
    columnize (0.3.4)
    diff-lcs (1.1.2)
    haml (3.1.2)
    hpricot (0.8.4)
    i18n (0.5.0)
    json (1.5.3)
    linecache (0.46)
      rbx-require-relative (> 0.0.4)
    mongo (1.3.1)
      bson (>= 1.3.1)
    mongo_mapper (0.9.1)
      activemodel (~> 3.0)
      activesupport (~> 3.0)
      plucky (~> 0.3.8)
    monkey-lib (0.5.4)
      backports
    plucky (0.3.8)
      mongo (~> 1.3)
    rack (1.3.1)
    rbx-require-relative (0.0.5)
    rspec (2.3.0)
      rspec-core (~> 2.3.0)
      rspec-expectations (~> 2.3.0)
      rspec-mocks (~> 2.3.0)
    rspec-core (2.3.1)
    rspec-expectations (2.3.0)
      diff-lcs (~> 1.1.2)
    rspec-mocks (2.3.0)
    ruby-debug (0.10.4)
      columnize (>= 0.1)
      ruby-debug-base (~> 0.10.4.0)
    ruby-debug-base (0.10.4)
      linecache (>= 0.3)
    sinatra (1.2.6)
      rack (~> 1.1)
      tilt (>= 1.2.2, < 2.0)
    sinatra-advanced-routes (0.5.1)
      monkey-lib (~> 0.5.0)
      sinatra (~> 1.0)
      sinatra-sugar (~> 0.5.0)
    sinatra-sugar (0.5.1)
      monkey-lib (~> 0.5.0)
      sinatra (~> 1.0)
    tilt (1.3.2)

PLATFORMS
  ruby

DEPENDENCIES
  bundler (~> 1.0.0)
  haml
  hpricot
  json
  mongo_mapper
  rspec (~> 2.3.0)
  ruby-debug
  sinatra
  sinatra-reloader!
